GEM
  remote: http://rubygems.org/
  specs:
    actionmailer (2.3.5)
      actionpack (= 2.3.5)
    actionpack (2.3.5)
      activesupport (= 2.3.5)
      rack (~> 1.0.0)
    activerecord (2.3.5)
      activesupport (= 2.3.5)
    activeresource (2.3.5)
      activesupport (= 2.3.5)
    activesupport (2.3.5)
    bluecloth (2.0.9)
    builder (3.0.0)
    columnize (0.3.2)
    cucumber (0.10.0)
      builder (>= 2.1.2)
      diff-lcs (~> 1.1.2)
      gherkin (~> 2.3.2)
      json (~> 1.4.6)
      term-ansicolor (~> 1.0.5)
    cucumber-rails (0.3.2)
      cucumber (>= 0.8.0)
    daemons (1.1.0)
    database_cleaner (0.6.0)
    delayed_job (2.0.5)
      daemons
    diff-lcs (1.1.2)
    email_spec (0.6.2)
    factory_girl (1.3.2)
    gherkin (2.3.2)
      json (~> 1.4.6)
      term-ansicolor (~> 1.0.5)
    gpgme (1.0.8)
    hobo (1.0.2)
      hobofields (= 1.0.2)
      hobosupport (= 1.0.2)
      rails (>= 2.2.2, < 3.0.0)
      will_paginate (>= 2.3.11, ~> 2)
    hobo_openid (0.4.2)
      hobo (>= 1.0.0)
      rails (>= 2.3.5)
      ruby-openid (>= 2.1.7)
    hobofields (1.0.2)
      hobosupport (= 1.0.2)
      rails (>= 2.2.2, < 3.0.0)
    hobosupport (1.0.2)
    json (1.4.6)
    linecache (0.43)
    mail (2.2.1)
      activesupport (>= 2.3.4)
      mime-types
      treetop (>= 1.4.5)
    mime-types (1.16)
    mysql (2.8.1)
    nokogiri (1.4.4)
    polyglot (0.3.1)
    rack (1.0.1)
    rack-test (0.5.6)
      rack (>= 1.0)
    rails (2.3.5)
      actionmailer (= 2.3.5)
      actionpack (= 2.3.5)
      activerecord (= 2.3.5)
      activeresource (= 2.3.5)
      activesupport (= 2.3.5)
      rake (>= 0.8.3)
    rake (0.8.7)
    rspec (1.3.1)
    rspec-rails (1.3.3)
    ruby-debug (0.10.4)
      columnize (>= 0.1)
      ruby-debug-base (~> 0.10.4.0)
    ruby-debug-base (0.10.4)
      linecache (>= 0.3)
    ruby-openid (2.1.8)
    shoulda (2.11.3)
    sqlite3-ruby (1.3.2)
    term-ansicolor (1.0.5)
    treetop (1.4.9)
      polyglot (>= 0.3.1)
    webrat (0.7.2)
      nokogiri (>= 1.2.0)
      rack (>= 1.0)
      rack-test (>= 0.5.3)
    will_paginate (2.3.15)

PLATFORMS
  ruby

DEPENDENCIES
  bluecloth
  cucumber-rails
  database_cleaner
  delayed_job
  email_spec (= 0.6.2)
  factory_girl
  gpgme
  hobo
  hobo_openid (>= 0.4.2)
  mail
  mysql
  nokogiri
  rails (= 2.3.5)
  rspec (= 1.3.1)
  rspec-rails (= 1.3.3)
  ruby-debug
  shoulda
  sqlite3-ruby
  webrat
