GEM
  remote: http://rubygems.org/
  specs:
    actionmailer (2.3.5)
      actionpack (= 2.3.5)
    actionpack (2.3.5)
      activesupport (= 2.3.5)
      rack (~> 1.0.0)
    activerecord (2.3.5)
      activesupport (= 2.3.5)
    activeresource (2.3.5)
      activesupport (= 2.3.5)
    activesupport (2.3.5)
    bluecloth (2.0.9)
    builder (2.1.2)
    columnize (0.3.1)
    cucumber (0.9.3)
      builder (~> 2.1.2)
      diff-lcs (~> 1.1.2)
      gherkin (~> 2.2.9)
      json (~> 1.4.6)
      term-ansicolor (~> 1.0.5)
    cucumber-rails (0.3.2)
      cucumber (>= 0.8.0)
    database_cleaner (0.6.0)
    diff-lcs (1.1.2)
    email_spec (0.6.2)
    factory_girl (1.3.2)
    gherkin (2.2.9)
      json (~> 1.4.6)
      term-ansicolor (~> 1.0.5)
    hobo (1.0.1)
      hobofields (= 1.0.1)
      hobosupport (= 1.0.1)
      rails (>= 2.2.2)
      will_paginate (>= 2.3.11)
    hobo_openid (0.4.2)
      hobo (>= 1.0.0)
      rails (>= 2.3.5)
      ruby-openid (>= 2.1.7)
    hobofields (1.0.1)
      hobosupport (= 1.0.1)
      rails (>= 2.2.2)
    hobosupport (1.0.1)
    json (1.4.6)
    linecache (0.43)
    mysql (2.8.1)
    nokogiri (1.4.3.1)
    rack (1.0.1)
    rack-test (0.5.6)
      rack (>= 1.0)
    rails (2.3.5)
      actionmailer (= 2.3.5)
      actionpack (= 2.3.5)
      activerecord (= 2.3.5)
      activeresource (= 2.3.5)
      activesupport (= 2.3.5)
      rake (>= 0.8.3)
    rake (0.8.7)
    rspec (1.3.1)
    rspec-rails (1.3.3)
    ruby-debug (0.10.3)
      columnize (>= 0.1)
      ruby-debug-base (~> 0.10.3.0)
    ruby-debug-base (0.10.3)
      linecache (>= 0.3)
    ruby-openid (2.1.8)
    shoulda (2.11.3)
    sqlite3-ruby (1.3.2)
    term-ansicolor (1.0.5)
    webrat (0.7.2)
      nokogiri (>= 1.2.0)
      rack (>= 1.0)
      rack-test (>= 0.5.3)
    will_paginate (2.3.15)

PLATFORMS
  ruby

DEPENDENCIES
  bluecloth
  cucumber-rails
  database_cleaner
  email_spec (= 0.6.2)
  factory_girl
  hobo
  hobo_openid (>= 0.4.2)
  mysql
  nokogiri
  rails (= 2.3.5)
  rspec (= 1.3.1)
  rspec-rails (= 1.3.3)
  ruby-debug
  shoulda
  sqlite3-ruby
  webrat
